PATH
  remote: .
  specs:
    translator (1.0.0)
      activesupport (~> 3.2)
      localeapp (~> 0.9.3)
      moneta (~> 0.8.0)

GEM
  remote: https://rubygems.org/
  specs:
    activesupport (3.2.19)
      i18n (~> 0.6, >= 0.6.4)
      multi_json (~> 1.0)
    byebug (5.0.0)
      columnize (= 0.9.0)
    columnize (0.9.0)
    domain_name (0.5.24)
      unf (>= 0.0.5, < 1.0.0)
    gli (2.13.1)
    http-cookie (1.0.2)
      domain_name (~> 0.5)
    i18n (0.6.11)
    json (1.8.1)
    localeapp (0.9.3)
      gli
      i18n
      json
      rack
      rest-client
      ya2yaml
    mime-types (1.25.1)
    moneta (0.8.0)
    multi_json (1.11.0)
    netrc (0.10.3)
    rack (1.5.2)
    redis (3.2.1)
    rest-client (1.8.0)
      http-cookie (>= 1.0.2, < 2.0)
      mime-types (>= 1.16, < 3.0)
      netrc (~> 0.7)
    unf (0.1.4)
      unf_ext
    unf_ext (0.0.7.1)
    ya2yaml (0.31)

PLATFORMS
  ruby

DEPENDENCIES
  byebug
  redis
  translator!
